GEM
  remote: https://rubygems.org/
  specs:
    actionmailer (4.0.13)
      actionpack (= 4.0.13)
      mail (~> 2.5, >= 2.5.4)
    actionpack (4.0.13)
      activesupport (= 4.0.13)
      builder (~> 3.1.0)
      erubis (~> 2.7.0)
      rack (~> 1.5.2)
      rack-test (~> 0.6.2)
    activemodel (4.0.13)
      activesupport (= 4.0.13)
      builder (~> 3.1.0)
    activerecord (4.0.13)
      activemodel (= 4.0.13)
      activerecord-deprecated_finders (~> 1.0.2)
      activesupport (= 4.0.13)
      arel (~> 4.0.0)
    activerecord-deprecated_finders (1.0.4)
    activesupport (4.0.13)
      i18n (~> 0.6, >= 0.6.9)
      minitest (~> 4.2)
      multi_json (~> 1.3)
      thread_safe (~> 0.1)
      tzinfo (~> 0.3.37)
    addressable (2.4.0)
    airbrussh (1.1.1)
      sshkit (>= 1.6.1, != 1.7.0)
    ansi (1.5.0)
    arel (4.0.2)
    bcrypt (3.1.11)
    builder (3.1.4)
    cancancan (1.15.0)
    capistrano (3.6.1)
      airbrussh (>= 1.0.0)
      capistrano-harrow
      i18n
      rake (>= 10.0.0)
      sshkit (>= 1.9.0)
    capistrano-bundler (1.1.4)
      capistrano (~> 3.1)
      sshkit (~> 1.2)
    capistrano-harrow (0.5.3)
    capistrano-rails (1.1.8)
      capistrano (~> 3.1)
      capistrano-bundler (~> 1.1)
    capistrano-rbenv (2.0.4)
      capistrano (~> 3.1)
      sshkit (~> 1.3)
    capistrano-sidekiq (0.5.4)
      capistrano
      sidekiq (>= 3.4)
    capybara (2.9.1)
      addressable
      mime-types (>= 1.16)
      nokogiri (>= 1.3.3)
      rack (>= 1.0.0)
      rack-test (>= 0.5.4)
      xpath (~> 2.0)
    carrierwave (0.11.2)
      activemodel (>= 3.2.0)
      activesupport (>= 3.2.0)
      json (>= 1.7)
      mime-types (>= 1.16)
      mimemagic (>= 0.3.0)
    childprocess (0.5.9)
      ffi (~> 1.0, >= 1.0.11)
    coffee-rails (4.2.1)
      coffee-script (>= 2.2.0)
      railties (>= 4.0.0, < 5.2.x)
    coffee-script (2.4.1)
      coffee-script-source
      execjs
    coffee-script-source (1.10.0)
    concurrent-ruby (1.0.2)
    connection_pool (2.2.0)
    css_parser (1.3.7)
      addressable
    database_cleaner (1.5.3)
    devise (3.5.10)
      bcrypt (~> 3.0)
      orm_adapter (~> 0.1)
      railties (>= 3.2.6, < 5)
      responders
      thread_safe (~> 0.1)
      warden (~> 1.2.3)
    devise-async (0.10.2)
      devise (>= 3.2, < 4.0)
    erubis (2.7.0)
    execjs (2.7.0)
    fabrication (2.15.2)
    faker (1.6.6)
      i18n (~> 0.5)
    ffi (1.9.14)
    i18n (0.7.0)
    jquery-fileupload-rails (0.4.7)
      actionpack (>= 3.1)
      railties (>= 3.1)
      sass (>= 3.2)
    jquery-rails (3.1.4)
      railties (>= 3.0, < 5.0)
      thor (>= 0.14, < 2.0)
    jquery-ui-rails (5.0.5)
      railties (>= 3.2.16)
    json (2.0.2)
    kgio (2.10.0)
    magick_columns (0.0.4)
      rails (>= 3.2)
      timeliness (>= 0.3)
    mail (2.6.4)
      mime-types (>= 1.16, < 4)
    mime-types (3.1)
      mime-types-data (~> 3.2015)
    mime-types-data (3.2016.0521)
    mimemagic (0.3.2)
    mini_magick (4.5.1)
    mini_portile2 (2.1.0)
    minitest (4.7.5)
    multi_json (1.12.1)
    net-scp (1.2.1)
      net-ssh (>= 2.6.5)
    net-ssh (3.2.0)
    newrelic_rpm (3.16.2.321)
    nokogiri (1.6.8)
      mini_portile2 (~> 2.1.0)
      pkg-config (~> 1.1.7)
    orm_adapter (0.5.0)
    paper_trail (5.2.2)
      activerecord (>= 3.0, < 6.0)
      request_store (~> 1.1)
    pg (0.19.0)
    pkg-config (1.1.7)
    rack (1.5.5)
    rack-protection (1.5.3)
      rack
    rack-test (0.6.3)
      rack (>= 1.0)
    rails (4.0.13)
      actionmailer (= 4.0.13)
      actionpack (= 4.0.13)
      activerecord (= 4.0.13)
      activesupport (= 4.0.13)
      bundler (>= 1.3.0, < 2.0)
      railties (= 4.0.13)
      sprockets-rails (~> 2.0)
    railties (4.0.13)
      actionpack (= 4.0.13)
      activesupport (= 4.0.13)
      rake (>= 0.8.7)
      thor (>= 0.18.1, < 2.0)
    raindrops (0.17.0)
    rake (11.3.0)
    redcarpet (3.3.4)
    redis (3.3.1)
    request_store (1.3.1)
    responders (1.1.2)
      railties (>= 3.2, < 4.2)
    roadie (3.1.1)
      css_parser (~> 1.3.4)
      nokogiri (>= 1.5.0, < 1.7.0)
    roadie-rails (1.1.1)
      railties (>= 3.0, < 5.1)
      roadie (~> 3.1)
    role_model (0.8.2)
    rubyzip (1.2.0)
    sass (3.4.22)
    sass-rails (5.0.6)
      railties (>= 4.0.0, < 6)
      sass (~> 3.1)
      sprockets (>= 2.8, < 4.0)
      sprockets-rails (>= 2.0, < 4.0)
      tilt (>= 1.1, < 3)
    selenium-webdriver (2.53.4)
      childprocess (~> 0.5)
      rubyzip (~> 1.0)
      websocket (~> 1.0)
    sidekiq (4.2.2)
      concurrent-ruby (~> 1.0)
      connection_pool (~> 2.2, >= 2.2.0)
      rack-protection (~> 1.5)
      redis (~> 3.2, >= 3.2.1)
    simple_form (3.3.1)
      actionpack (> 4, < 5.1)
      activemodel (> 4, < 5.1)
    sprockets (3.7.0)
      concurrent-ruby (~> 1.0)
      rack (> 1, < 3)
    sprockets-rails (2.3.3)
      actionpack (>= 3.0)
      activesupport (>= 3.0)
      sprockets (>= 2.8, < 4.0)
    sshkit (1.11.3)
      net-scp (>= 1.1.2)
      net-ssh (>= 2.8.0)
    thor (0.19.1)
    thread_safe (0.3.5)
    tilt (2.0.5)
    timecop (0.8.1)
    timeliness (0.3.8)
    turbolinks (5.0.1)
      turbolinks-source (~> 5)
    turbolinks-source (5.0.0)
    turn (0.9.7)
      ansi
      minitest (~> 4)
    tzinfo (0.3.51)
    uglifier (3.0.2)
      execjs (>= 0.3.0, < 3)
    unicorn (5.1.0)
      kgio (~> 2.6)
      raindrops (~> 0.7)
    unicorn-rails (2.2.1)
      rack
      unicorn
    validates_timeliness (4.0.2)
      timeliness (~> 0.3.7)
    warden (1.2.6)
      rack (>= 1.0)
    websocket (1.2.3)
    will_paginate (3.1.3)
    xpath (2.0.0)
      nokogiri (~> 1.3)

PLATFORMS
  ruby

DEPENDENCIES
  cancancan
  capistrano
  capistrano-bundler
  capistrano-rails
  capistrano-rbenv
  capistrano-sidekiq
  capybara
  carrierwave
  coffee-rails
  database_cleaner
  devise
  devise-async
  fabrication
  faker
  jquery-fileupload-rails
  jquery-rails
  jquery-ui-rails
  magick_columns
  mini_magick
  newrelic_rpm
  paper_trail
  pg
  rails (~> 4.0.13)
  redcarpet
  roadie-rails
  role_model
  sass-rails
  selenium-webdriver
  sidekiq
  simple_form
  timecop
  turbolinks
  turn
  uglifier
  unicorn
  unicorn-rails
  validates_timeliness
  will_paginate

BUNDLED WITH
   1.12.5
