GEM
  remote: https://rubygems.org/
  specs:
    actionmailer (3.2.13)
      actionpack (= 3.2.13)
      mail (~> 2.5.3)
    actionpack (3.2.13)
      activemodel (= 3.2.13)
      activesupport (= 3.2.13)
      builder (~> 3.0.0)
      erubis (~> 2.7.0)
      journey (~> 1.0.4)
      rack (~> 1.4.5)
      rack-cache (~> 1.2)
      rack-test (~> 0.6.1)
      sprockets (~> 2.2.1)
    activemodel (3.2.13)
      activesupport (= 3.2.13)
      builder (~> 3.0.0)
    activerecord (3.2.13)
      activemodel (= 3.2.13)
      activesupport (= 3.2.13)
      arel (~> 3.0.2)
      tzinfo (~> 0.3.29)
    activeresource (3.2.13)
      activemodel (= 3.2.13)
      activesupport (= 3.2.13)
    activesupport (3.2.13)
      i18n (= 0.6.1)
      multi_json (~> 1.0)
    addressable (2.3.4)
    ansi (1.4.3)
    arel (3.0.2)
    bcrypt-ruby (3.0.1)
    builder (3.0.4)
    cancan (1.6.9)
    capistrano (2.15.2)
      highline
      net-scp (>= 1.0.0)
      net-sftp (>= 2.0.0)
      net-ssh (>= 2.0.14)
      net-ssh-gateway (>= 1.1.0)
    capybara (2.1.0)
      mime-types (>= 1.16)
      nokogiri (>= 1.3.3)
      rack (>= 1.0.0)
      rack-test (>= 0.5.4)
      xpath (~> 2.0)
    carrierwave (0.8.0)
      activemodel (>= 3.2.0)
      activesupport (>= 3.2.0)
    celluloid (0.12.4)
      facter (>= 1.6.12)
      timers (>= 1.0.0)
    childprocess (0.3.9)
      ffi (~> 1.0, >= 1.0.11)
    coffee-rails (3.2.2)
      coffee-script (>= 2.2.0)
      railties (~> 3.2.0)
    coffee-script (2.2.0)
      coffee-script-source
      execjs
    coffee-script-source (1.6.2)
    connection_pool (1.0.0)
    css_parser (1.3.4)
      addressable
    database_cleaner (0.9.1)
    devise (2.2.3)
      bcrypt-ruby (~> 3.0)
      orm_adapter (~> 0.1)
      railties (~> 3.1)
      warden (~> 1.2.1)
    erubis (2.7.0)
    execjs (1.4.0)
      multi_json (~> 1.0)
    fabrication (2.6.5)
    facter (1.7.0)
    faker (1.1.2)
      i18n (~> 0.5)
    ffi (1.8.1)
    highline (1.6.18)
    hike (1.2.2)
    i18n (0.6.1)
    journey (1.0.4)
    jquery-fileupload-rails (0.4.1)
      actionpack (>= 3.1)
      railties (>= 3.1)
    jquery-rails (2.2.1)
      railties (>= 3.0, < 5.0)
      thor (>= 0.14, < 2.0)
    json (1.7.7)
    kgio (2.8.0)
    magick_columns (0.0.4)
      rails (>= 3.2)
      timeliness (>= 0.3)
    mail (2.5.3)
      i18n (>= 0.4.0)
      mime-types (~> 1.16)
      treetop (~> 1.4.8)
    mime-types (1.23)
    mini_magick (3.5.0)
      subexec (~> 0.2.1)
    minitest (4.7.3)
    multi_json (1.7.2)
    net-scp (1.1.0)
      net-ssh (>= 2.6.5)
    net-sftp (2.1.1)
      net-ssh (>= 2.6.5)
    net-ssh (2.6.7)
    net-ssh-gateway (1.2.0)
      net-ssh (>= 2.6.5)
    newrelic_rpm (3.6.0.83)
    nokogiri (1.5.9)
    orm_adapter (0.4.0)
    paper_trail (2.7.1)
      activerecord (~> 3.0)
      railties (~> 3.0)
    pg (0.15.1)
    polyglot (0.3.3)
    rack (1.4.5)
    rack-cache (1.2)
      rack (>= 0.4)
    rack-ssl (1.3.3)
      rack
    rack-test (0.6.2)
      rack (>= 1.0)
    rails (3.2.13)
      actionmailer (= 3.2.13)
      actionpack (= 3.2.13)
      activerecord (= 3.2.13)
      activeresource (= 3.2.13)
      activesupport (= 3.2.13)
      bundler (~> 1.0)
      railties (= 3.2.13)
    railties (3.2.13)
      actionpack (= 3.2.13)
      activesupport (= 3.2.13)
      rack-ssl (~> 1.3.2)
      rake (>= 0.8.7)
      rdoc (~> 3.4)
      thor (>= 0.14.6, < 2.0)
    raindrops (0.11.0)
    rake (10.0.4)
    rdoc (3.12.2)
      json (~> 1.4)
    redcarpet (2.2.2)
    redis (3.0.4)
    redis-namespace (1.2.1)
      redis (~> 3.0.0)
    roadie (2.3.4)
      actionmailer (> 3.0.0, < 3.3.0)
      css_parser
      nokogiri (>= 1.4.4)
      sprockets
    role_model (0.8.1)
    rubyzip (0.9.9)
    sass (3.2.8)
    sass-rails (3.2.6)
      railties (~> 3.2.0)
      sass (>= 3.1.10)
      tilt (~> 1.3)
    selenium-webdriver (2.32.1)
      childprocess (>= 0.2.5)
      multi_json (~> 1.0)
      rubyzip
      websocket (~> 1.0.4)
    sidekiq (2.10.1)
      celluloid (~> 0.12.0)
      connection_pool (~> 1.0)
      multi_json (~> 1)
      redis (~> 3)
      redis-namespace
    simple_form (2.1.0)
      actionpack (~> 3.0)
      activemodel (~> 3.0)
    sprockets (2.2.2)
      hike (~> 1.2)
      multi_json (~> 1.0)
      rack (~> 1.0)
      tilt (~> 1.1, != 1.3.0)
    subexec (0.2.3)
    thor (0.18.1)
    tilt (1.3.7)
    timecop (0.6.1)
    timeliness (0.3.7)
    timers (1.1.0)
    treetop (1.4.12)
      polyglot
      polyglot (>= 0.3.1)
    turbolinks (1.1.1)
      coffee-rails
    turn (0.9.6)
      ansi
    tzinfo (0.3.37)
    uglifier (2.0.1)
      execjs (>= 0.3.0)
      multi_json (~> 1.0, >= 1.0.2)
    unicorn (4.6.2)
      kgio (~> 2.6)
      rack
      raindrops (~> 0.7)
    unicorn-rails (1.0.1)
      rack
      unicorn
    validates_timeliness (3.0.14)
      timeliness (~> 0.3.6)
    warden (1.2.1)
      rack (>= 1.0)
    websocket (1.0.7)
    will_paginate (3.0.4)
    xpath (2.0.0)
      nokogiri (~> 1.3)

PLATFORMS
  ruby

DEPENDENCIES
  cancan
  capistrano
  capybara
  carrierwave
  coffee-rails
  database_cleaner
  devise
  fabrication
  faker
  jquery-fileupload-rails
  jquery-rails
  magick_columns
  mini_magick
  minitest
  newrelic_rpm
  paper_trail
  pg
  rails (= 3.2.13)
  redcarpet
  roadie
  role_model
  sass-rails
  selenium-webdriver
  sidekiq
  simple_form
  timecop
  turbolinks
  turn
  uglifier
  unicorn
  unicorn-rails
  validates_timeliness
  will_paginate
